GEM
  remote: https://rubygems.org/
  specs:
    gosu (1.4.1)
    rake (13.0.6)

PLATFORMS
  x86_64-linux

DEPENDENCIES
  gosu (~> 1.4)
  rake (~> 13.0)

BUNDLED WITH
   2.3.3
